GEM
  remote: https://rubygems.org/
  specs:
    addressable (2.7.0)
      public_suffix (>= 2.0.2, < 5.0)
    adsf (1.4.2)
      rack (>= 1.0.0, < 3.0.0)
    adsf-live (1.4.2)
      adsf (~> 1.3)
      em-websocket (~> 0.5)
      eventmachine (~> 1.2)
      listen (~> 3.0)
      rack-livereload (~> 0.3)
    builder (3.2.3)
    byebug (11.0.1)
    coderay (1.1.2)
    colored (1.2)
    concurrent-ruby (1.1.5)
    cri (2.15.9)
    ddmemoize (1.0.0)
      ddmetrics (~> 1.0)
      ref (~> 2.0)
    ddmetrics (1.0.1)
    ddplugin (1.0.2)
    diff-lcs (1.3)
    em-websocket (0.5.1)
      eventmachine (>= 0.12.9)
      http_parser.rb (~> 0.6.0)
    equatable (0.6.1)
    eventmachine (1.2.7)
    ffi (1.11.1)
    formatador (0.2.5)
    gitlab_kramdown (0.6.0)
      kramdown (~> 1.16.2)
      rouge (~> 3.0)
    guard (2.15.0)
      formatador (>= 0.2.4)
      listen (>= 2.7, < 4.0)
      lumberjack (>= 1.0.12, < 2.0)
      nenv (~> 0.1)
      notiffany (~> 0.0)
      pry (>= 0.9.12)
      shellany (~> 0.0)
      thor (>= 0.18.1)
    guard-compat (1.2.1)
    guard-nanoc (2.1.6)
      guard (~> 2.8)
      guard-compat (~> 1.0)
      nanoc (>= 4.3.8, < 5.0)
    hamster (3.0.0)
      concurrent-ruby (~> 1.0)
    highline (2.0.2)
    http_parser.rb (0.6.0)
    json_schema (0.20.7)
    kramdown (1.16.2)
    listen (3.1.5)
      rb-fsevent (~> 0.9, >= 0.9.4)
      rb-inotify (~> 0.9, >= 0.9.7)
      ruby_dep (~> 1.2)
    lumberjack (1.0.13)
    mdl (0.5.0)
      kramdown (~> 1.12, >= 1.12.0)
      mixlib-cli (~> 1.7, >= 1.7.0)
      mixlib-config (~> 2.2, >= 2.2.1)
    method_source (0.9.2)
    mini_portile2 (2.4.0)
    mixlib-cli (1.7.0)
    mixlib-config (2.2.18)
      tomlrb
    nanoc (4.11.10)
      addressable (~> 2.5)
      colored (~> 1.2)
      cri (~> 2.15)
      nanoc-core (= 4.11.10)
      parallel (~> 1.12)
      tomlrb (~> 1.2)
      tty-command (~> 0.8)
      tty-file (~> 0.7)
      tty-platform (~> 0.2)
      tty-which (~> 0.4)
    nanoc-core (4.11.10)
      ddmemoize (~> 1.0)
      ddmetrics (~> 1.0)
      ddplugin (~> 1.0)
      hamster (~> 3.0)
      json_schema (~> 0.19)
      slow_enumerator_tools (~> 1.0)
      zeitwerk (~> 2.1)
    necromancer (0.5.0)
    nenv (0.3.0)
    nokogiri (1.10.3)
      mini_portile2 (~> 2.4.0)
    notiffany (0.1.3)
      nenv (~> 0.1)
      shellany (~> 0.0)
    parallel (1.17.0)
    pastel (0.7.3)
      equatable (~> 0.6)
      tty-color (~> 0.5)
    pry (0.12.2)
      coderay (~> 1.1.0)
      method_source (~> 0.9.0)
    pry-byebug (3.7.0)
      byebug (~> 11.0)
      pry (~> 0.10)
    public_suffix (4.0.1)
    rack (2.0.7)
    rack-livereload (0.3.17)
      rack
    rake (12.3.3)
    rb-fsevent (0.10.3)
    rb-inotify (0.10.0)
      ffi (~> 1.0)
    ref (2.0.0)
    rouge (3.7.0)
    rspec (3.8.0)
      rspec-core (~> 3.8.0)
      rspec-expectations (~> 3.8.0)
      rspec-mocks (~> 3.8.0)
    rspec-core (3.8.2)
      rspec-support (~> 3.8.0)
    rspec-expectations (3.8.4)
      diff-lcs (>= 1.2.0, < 2.0)
      rspec-support (~> 3.8.0)
    rspec-mocks (3.8.1)
      diff-lcs (>= 1.2.0, < 2.0)
      rspec-support (~> 3.8.0)
    rspec-support (3.8.2)
    ruby_dep (1.5.0)
    sass (3.7.4)
      sass-listen (~> 4.0.0)
    sass-listen (4.0.0)
      rb-fsevent (~> 0.9, >= 0.9.4)
      rb-inotify (~> 0.9, >= 0.9.7)
    sassc (2.0.1)
      ffi (~> 1.9)
      rake
    scss_lint (0.58.0)
      rake (>= 0.9, < 13)
      sass (~> 3.5, >= 3.5.5)
    shellany (0.0.1)
    slow_enumerator_tools (1.1.0)
    thor (0.20.3)
    tomlrb (1.2.8)
    tty-color (0.5.0)
    tty-command (0.8.2)
      pastel (~> 0.7.0)
    tty-cursor (0.7.0)
    tty-file (0.8.0)
      diff-lcs (~> 1.3)
      pastel (~> 0.7.2)
      tty-prompt (~> 0.18)
    tty-platform (0.2.1)
    tty-prompt (0.19.0)
      necromancer (~> 0.5.0)
      pastel (~> 0.7.0)
      tty-reader (~> 0.6.0)
    tty-reader (0.6.0)
      tty-cursor (~> 0.7)
      tty-screen (~> 0.7)
      wisper (~> 2.0.0)
    tty-screen (0.7.0)
    tty-which (0.4.1)
    wisper (2.0.0)
    zeitwerk (2.1.9)

PLATFORMS
  ruby

DEPENDENCIES
  adsf (~> 1.4)
  adsf-live (~> 1.4)
  builder (~> 3.2)
  gitlab_kramdown (~> 0.6.0)
  guard-nanoc (~> 2.1)
  highline (~> 2.0)
  mdl (~> 0.5.0)
  nanoc (~> 4.10)
  nokogiri (~> 1.10.3)
  pry-byebug (~> 3.7)
  rake (~> 12.3)
  rouge (~> 3.2)
  rspec (~> 3.5)
  sassc (~> 2.0)
  scss_lint (~> 0.57)

BUNDLED WITH
   1.17.2
